GEM
  remote: https://rubygems.org/
  specs:
    airbrussh (1.4.0)
      sshkit (>= 1.6.1, != 1.7.0)
    capistrano (3.14.0)
      airbrussh (>= 1.0.0)
      i18n
      rake (>= 10.0.0)
      sshkit (>= 1.9.0)
    capistrano-composer (0.0.6)
      capistrano (>= 3.0.0.pre)
    capistrano-file-permissions (1.0.0)
      capistrano (~> 3.0)
    capistrano-laravel (1.2.3)
      capistrano (>= 3.0.0)
      capistrano-composer (>= 0.0.6)
      capistrano-file-permissions (>= 1.0.0)
    capistrano-npm (1.0.3)
      capistrano (>= 3.0.0)
    capistrano-php-fpm (2.0.1)
      capistrano (~> 3.2)
    capistrano-supervisor (1.1.1)
      capistrano (>= 3.0.0)
    concurrent-ruby (1.1.6)
    i18n (1.8.2)
      concurrent-ruby (~> 1.0)
    net-scp (3.0.0)
      net-ssh (>= 2.6.5, < 7.0.0)
    net-ssh (6.0.2)
    rake (13.0.1)
    sshkit (1.21.0)
      net-scp (>= 1.1.2)
      net-ssh (>= 2.8.0)

PLATFORMS
  ruby

DEPENDENCIES
  capistrano (= 3.14.0)
  capistrano-laravel (~> 1.2, >= 1.2.2)
  capistrano-npm
  capistrano-php-fpm (~> 2.0, >= 2.0.1)
  capistrano-supervisor

BUNDLED WITH
   2.1.4
